GEM
  remote: https://rubygems.org/
  specs:
    redis (4.2.2)
    redis-classy (2.4.1)
      redis-namespace (~> 1.0)
    redis-mutex (4.0.2)
      redis-classy (~> 2.0)
    redis-namespace (1.8.0)
      redis (>= 3.0.4)

PLATFORMS
  ruby

DEPENDENCIES
  redis-mutex

BUNDLED WITH
   2.1.4
