GEM
  remote: https://rubygems.org/
  specs:
    chronic_duration (0.10.6)
      numerizer (~> 0.1.1)
    connection_pool (2.2.5)
    numerizer (0.1.1)
    rack (2.2.3)
    redis (4.5.1)
    sidekiq (6.3.1)
      connection_pool (>= 2.2.2)
      rack (~> 2.0)
      redis (>= 4.2.0)
    sidekiq-status (2.1.0)
      chronic_duration
      sidekiq (>= 5.0)

PLATFORMS
  x86_64-darwin-19

DEPENDENCIES
  sidekiq
  sidekiq-status

BUNDLED WITH
   2.2.2
